GIT
  remote: https://gitlab.com/ekylibre/lexicon/lexicon-common.git
  revision: ab4b75be73cfcdea5bbe82704b7a7fbe1f24c47e
  branch: dev
  specs:
    lexicon-common (0.2.1)
      aws-sdk-s3
      colored
      concurrent-ruby
      corindon (~> 0.8.0)
      json_schemer
      pg
      semantic
      zeitwerk

GIT
  remote: https://gitlab.com/ekylibre/onoma.git
  revision: f5a964140d747b2fe98afa7bcbd6d5c5837dc42c
  branch: lexicon
  specs:
    onoma (0.9.1)
      activesupport (>= 7)
      nokogiri (>= 1.15)
      zeitwerk (~> 2.4.0)

GEM
  remote: https://rubygems.org/
  specs:
    activesupport (7.1.3.2)
      base64
      bigdecimal
      concurrent-ruby (~> 1.0, >= 1.0.2)
      connection_pool (>= 2.2.5)
      drb
      i18n (>= 1.6, < 2)
      minitest (>= 5.1)
      mutex_m
      tzinfo (~> 2.0)
    ast (2.4.2)
    aws-eventstream (1.3.0)
    aws-partitions (1.911.0)
    aws-sdk-core (3.191.6)
      aws-eventstream (~> 1, >= 1.3.0)
      aws-partitions (~> 1, >= 1.651.0)
      aws-sigv4 (~> 1.8)
      jmespath (~> 1, >= 1.6.1)
    aws-sdk-kms (1.78.0)
      aws-sdk-core (~> 3, >= 3.191.0)
      aws-sigv4 (~> 1.1)
    aws-sdk-s3 (1.146.1)
      aws-sdk-core (~> 3, >= 3.191.0)
      aws-sdk-kms (~> 1)
      aws-sigv4 (~> 1.8)
    aws-sigv4 (1.8.0)
      aws-eventstream (~> 1, >= 1.0.2)
    base64 (0.2.0)
    bigdecimal (3.1.7)
    byebug (11.1.3)
    charlock_holmes (0.7.7)
    coderay (1.1.3)
    colored (1.2)
    concurrent-ruby (1.2.3)
    connection_pool (2.4.1)
    corindon (0.8.0)
      semantic (~> 1.6)
      zeitwerk (~> 2.3)
    domain_name (0.6.20240107)
    dotenv (3.1.0)
    drb (2.2.1)
    dry-container (0.11.0)
      concurrent-ruby (~> 1.0)
    hana (1.3.7)
    highline (2.1.0)
    http-accept (1.7.0)
    http-cookie (1.0.5)
      domain_name (~> 0.5)
    i18n (1.14.4)
      concurrent-ruby (~> 1.0)
    jmespath (1.6.2)
    json (2.7.2)
    json_schemer (2.2.1)
      base64
      bigdecimal
      hana (~> 1.3)
      regexp_parser (~> 2.0)
      simpleidn (~> 0.2)
    method_source (1.0.0)
    mime-types (3.5.2)
      mime-types-data (~> 3.2015)
    mime-types-data (3.2024.0305)
    minitest (5.22.3)
    mutex_m (0.2.0)
    netrc (0.11.0)
    nokogiri (1.16.3-x86_64-linux)
      racc (~> 1.4)
    options (2.3.2)
    parallel (1.24.0)
    parser (3.3.0.5)
      ast (~> 2.4.1)
      racc
    pg (1.5.6)
    progress_bar (1.3.3)
      highline (>= 1.6, < 3)
      options (~> 2.3.0)
    pry (0.14.2)
      coderay (~> 1.1)
      method_source (~> 1.0)
    pry-byebug (3.10.1)
      byebug (~> 11.0)
      pry (>= 0.13, < 0.15)
    racc (1.7.3)
    rainbow (3.1.1)
    regexp_parser (2.9.0)
    rest-client (2.1.0)
      http-accept (>= 1.7.0, < 2.0)
      http-cookie (>= 1.0.2, < 2.0)
      mime-types (>= 1.16, < 4.0)
      netrc (~> 0.8)
    rexml (3.2.6)
    roo (2.10.1)
      nokogiri (~> 1)
      rubyzip (>= 1.3.0, < 3.0.0)
    roo-xls (1.2.0)
      nokogiri
      roo (>= 2.0.0, < 3)
      spreadsheet (> 0.9.0)
    rubocop (1.11.0)
      parallel (~> 1.10)
      parser (>= 3.0.0.0)
      rainbow (>= 2.2.2, < 4.0)
      regexp_parser (>= 1.8, < 3.0)
      rexml
      rubocop-ast (>= 1.2.0, < 2.0)
      ruby-progressbar (~> 1.7)
      unicode-display_width (>= 1.4.0, < 3.0)
    rubocop-ast (1.31.2)
      parser (>= 3.3.0.4)
    ruby-ole (1.2.13.1)
    ruby-progressbar (1.13.0)
    rubyzip (2.3.2)
    semantic (1.6.1)
    simpleidn (0.2.1)
      unf (~> 0.1.4)
    spreadsheet (1.3.1)
      bigdecimal
      ruby-ole
    thor (1.3.1)
    tzinfo (2.0.6)
      concurrent-ruby (~> 1.0)
    unf (0.1.4)
      unf_ext
    unf_ext (0.0.9.1)
    unicode-display_width (2.5.0)
    yard (0.9.36)
    zeitwerk (2.4.2)

PLATFORMS
  x86_64-linux

DEPENDENCIES
  activesupport
  aws-sdk-s3
  charlock_holmes
  colored
  concurrent-ruby
  dotenv
  dry-container
  i18n
  json
  json_schemer
  lexicon-common!
  nokogiri
  onoma!
  pg
  progress_bar
  pry
  pry-byebug
  rest-client
  roo
  roo-xls
  rubocop (~> 1.11.0)
  rubyzip
  semantic
  thor
  yard (~> 0.9.26)
  zeitwerk

RUBY VERSION
   ruby 3.2.0p0

BUNDLED WITH
   2.4.1
